GEM
  remote: https://rubygems.org/
  specs:
    addressable (2.3.4)
    launchy (2.3.0)
      addressable (~> 2.3)
    mdpress (0.0.13)
      launchy
      redcarpet
      trollop
    redcarpet (2.2.2)
    trollop (2.0)

PLATFORMS
  ruby

DEPENDENCIES
  mdpress
